##TITLE= Parameter file, TopSpin 4.1.3
##JCAMPDX= 5.0
##DATATYPE= Parameter Values
##NPOINTS= 4	$$ modification sequence number
##ORIGIN= Bruker BioSpin GmbH
##OWNER= nmrsu
$$ 2026-05-05 15:22:28.827 +0100  nmrsu@CZC1087C56
$$ D:/data/2026/cb/ga/Vinpocetine/2//specpar
$$ process C:\Bruker\TopSpin4.1.3\prog\mod\acqdataserver.exe
##$ANCIEN= (0..7)
0 0 0 0 0 0 0 0
##$BF1= 100.13
##$BF2= 100.13
##$BF3= 100.13
##$DEC= 1
##$DECB= 1
##$DEF19F= yes
##$DEFRSEL= yes
##$HPMOD= (0..32)
0 0 0 0 0 0 0 0 0 0 0 0 0 0 0 0 0 0 0 0 0 0 0 0 0 0 0 0 0 0 0 0 0
##$HPPRECH= (0..32)
-1 -1 -1 -1 -1 -1 -1 -1 -1 -1 -1 -1 -1 -1 -1 -1 -1 -1 -1 -1 -1 -1 -1 -1
-1 -1 -1 -1 -1 -1 -1 -1 -1
##$HPSELECT= yes
##$LOCSW19F= -1
##$LOCSW2H= -1
##$NUC1= 1
##$NUC2= 0
##$NUC3= 0
##$NUC4= 0
##$NUC5= 0
##$NUC6= 0
##$NUC7= 0
##$NUC8= 0
##$NUCARR= (0..123)
600.05 600.05 92.111328464 640.037175987 457.111945488 88.303874043 233.202213899
84.317903907 64.467319829 192.519885987 150.88269251 43.361515159 60.802538456
81.345520229 564.611113006 47.369723148 158.72462595 36.732870818 156.35418243
119.213055594 242.904692371 46.059838 58.792352955 48.938427863 28.000571187
34.815009009 15.369110652 40.383539014 145.762627874 33.828022767 33.837041519
59.826839155 157.830839474 33.917802248 148.747702609 19.428286889 142.374307537
53.620774026 159.106095736 170.436359846 37.543946401 144.020124677 182.995472352
20.931634158 102.744245307 114.438613756 31.308940861 150.33640699 162.052611259
23.0875238 57.934485472 196.339084227 26.005098911 29.403638099 55.782436149
146.869258085 39.104814463 39.925496848 135.061210163 27.633208576 30.970794684
19.120275224 27.45888805 24.288937909 27.923524767 127.30348774 133.170146588
131.205462878 131.486730315 196.328853375 213.811370129 223.762437316 143.595427289
77.761781609 157.031536871 189.314388885 120.054919743 166.875021093 49.467647961
78.703410071 59.611709229 66.683124464 79.17239715 84.76090882 183.73531
32.702725 20.16168 25.022085 20.64172 149.17243 65.88549 18.421535 24.182015
144.25202 20.64172 28.92241 128.05067 17.28144 49.744145 105.004585653
28.9284105 68.429702 48.7900655 24.0440035 15.1032585 71.9435948 25.000405194
135.1588623 136.5209758 13.695127166 46.5962827 10.308859 11.2269355 128.991452392
10.3748645 107.473887411 39.672803792 342.7677616 346.131869919 125.534054299
96.423762644 11.0493207 21.781815 100
##$NUCOFFS= (0..127)
<13C> <1H> <2H> <15N> <19F> <7Li> <> <> <> <> <> <> <> <> <> <> <> <> <>
<> <> <> <> <> <> <> <> <> <> <> <> <> <> <> <> <> <> <> <> <> <> <> <>
<> <> <> <> <> <> <> <> <> <> <> <> <> <> <> <> <> <> <> <> <> <> <> <>
<> <> <> <> <> <> <> <> <> <> <> <> <> <> <> <> <> <> <> <> <> <> <> <>
<> <> <> <> <> <> <> <> <> <> <> <> <> <> <> <> <> <> <> <> <> <> <> <>
<> <> <> <> <> <> <> <> <> <> <> <> <>
##$OBS= 1
##$OFFS= (0..127)
0 0 0 0 0 0 0 0 0 0 0 0 0 0 0 0 0 0 0 0 0 0 0 0 0 0 0 0 0 0 0 0 0 0 0 0
0 0 0 0 0 0 0 0 0 0 0 0 0 0 0 0 0 0 0 0 0 0 0 0 0 0 0 0 0 0 0 0 0 0 0 0
0 0 0 0 0 0 0 0 0 0 0 0 0 0 0 0 0 0 0 0 0 0 0 0 0 0 0 0 0 0 0 0 0 0 0 0
0 0 0 0 0 0 0 0 0 0 0 0 0 0 0 0 0 0 0 0
##$OFFSF= (0..7)
0 0 0 0 0 0 0 0
##$OFFSH= (0..7)
0 0 0 0 0 0 0 0
##$OFFSX= (0..7)
0 0 0 0 0 0 0 0
##$OFFSXAS= (0..7)
0 0 0 0 0 0 0 0
##$OFSF1= 0
##$OFSF2= 0
##$OFSH1= 0
##$OFSH2= 0
##$OFSH3= 0
##$OFSX1= 0
##$OFSX2= 0
##$OFSY= 0
##$PACOIL= (0..32)
0 0 0 0 0 0 0 0 0 0 0 0 0 0 0 0 0 0 0 0 0 0 0 0 0 0 0 0 0 0 0 0 0
##$PRECHAN= (0..32)
-1 2 3 0 1 4 -1 -1 -1 -1 -1 -1 -1 -1 -1 -1 -1 -1 -1 -1 -1 -1 -1 -1 -1 -1
-1 -1 -1 -1 -1 -1 -1
##$RECPRE= (0..25)
-1 0 1 2 4 -1 -1 -1 -1 -1 -1 -1 -1 -1 -1 -1 -1 -1 -1 -1 -1 -1 -1 -1 -1
-1
##$RECPRFX= (0..32)
1 1 1 0 1 0 0 0 0 0 0 0 0 0 0 0 0 0 0 0 0 0 0 0 0 0 0 0 0 0 0 0 0
##$RECSEL= (0..24)
0 1 2 3 4 5 6 7 8 9 10 11 12 13 14 15 16 17 18 19 20 21 22 23 24
##$SELREC= (0..24)
0 0 0 0 0 0 0 0 0 0 0 0 0 0 0 0 0 0 0 0 0 0 0 0 0
##$SFO1= 600.052821
##$SFO2= 600.052821
##$SFO3= 600.052821
##$SFO4= 600.052821
##$SFO5= 600.052821
##$SFO6= 600.052821
##$SFO7= 600.052821
##$SFO8= 600.052821
##$TY= (0..123)
0 0 0 0 0 0 0 0 0 0 0 0 0 0 0 0 0 0 0 0 0 0 0 0 0 0 0 0 0 0 0 0 0 0 0 0
0 0 0 0 0 0 0 0 0 0 0 0 0 0 0 0 0 0 0 0 0 0 0 0 0 0 0 0 0 0 0 0 0 0 0 0
0 0 0 0 0 0 0 0 0 0 0 0 0 0 0 0 0 0 0 0 0 0 0 0 0 0 0 0 0 0 0 0 0 0 0 0
0 0 0 0 0 0 0 0 0 0 0 0 0 0 0 0
##END=
