##TITLE= Parameter file, TopSpin 4.1.3
##JCAMPDX= 5.0
##DATATYPE= Parameter Values
##NPOINTS= 2	$$ modification sequence number
##ORIGIN= Bruker BioSpin GmbH
##OWNER= nmrsu
$$ 2026-04-24 13:03:26.280 +0100  nmrsu@CZC1087C56
$$ C:/Bruker/TopSpin4.1.3/prog/curdir/changer/inmrchanger/Jan08-2026-1326-600user/1/1.130/data/./nmr/Vindoline/26/acqu2
$$ process C:\Bruker\TopSpin4.1.3\prog\mod\xwish3.exe
##$ACQT0= 0
##$BF1= 600.05
##$FnILOOP= 0
##$FnMODE= 1
##$NUC1= <1H>
##$NusJSP= 0
##$NusT2= 1
##$NusTD= 0
##$O1= 3900.325
##$ProjAngle= 0
##$SFO1= 600.053900325
##$SW= 15.1501541544606
##$SW_h= 9090.90909090909
##$TD= 128
##END=
