##TITLE= Parameter file, TopSpin 4.1.3
##JCAMPDX= 5.0
##DATATYPE= Parameter Values
##NPOINTS= 91	$$ modification sequence number
##ORIGIN= Bruker BioSpin GmbH
##OWNER= nmrsu
$$ 2026-05-12 10:20:13.555 +0100  nmrsu@CZC1087C56
$$ D:/data/2026/va/rc/exp_dataset/run_1/1287752-87-7 (6572)/13/acqu2s
$$ process C:\Bruker\TopSpin4.1.3\prog\mod\acqdataserver.exe
##$ACQT0= 0
##$BF1= 150.88269251
##$FnILOOP= 1
##$FnMODE= 1
##$NUC1= <13C>
##$NusJSP= 0
##$NusT2= 1
##$NusTD= 128
##$O1= 15088.27
##$ProjAngle= 0
##$SFO1= 150.89778078
##$SW= 219.999999284151
##$SW_h= 33197.51166358
##$TD= 7
##END=
