##TITLE= Parameter file, TopSpin 4.1.3
##JCAMPDX= 5.0
##DATATYPE= Parameter Values
##NPOINTS= 35	$$ modification sequence number
##ORIGIN= Bruker BioSpin GmbH
##OWNER= nmrsu
$$ 2026-04-29 14:19:11.468 +0100  nmrsu@CZC1087C56
$$ D:/data/2026/cb/ga/Reserpine/3/acqu2s
$$ process C:\Bruker\TopSpin4.1.3\prog\mod\acqdataserver.exe
##$ACQT0= 0
##$BF1= 150.88269251
##$FnILOOP= 1
##$FnMODE= 6
##$NUC1= <13C>
##$NusJSP= 0
##$NusT2= 1
##$NusTD= 256
##$O1= 13579.442
##$ProjAngle= 0
##$SFO1= 150.896271952
##$SW= 180
##$SW_h= 27161.32895136
##$TD= 64
##END=
