##TITLE= Parameter file, TopSpin 4.1.3
##JCAMPDX= 5.0
##DATATYPE= Parameter Values
##NPOINTS= 68	$$ modification sequence number
##ORIGIN= Bruker BioSpin GmbH
##OWNER= nmrsu
$$ 2026-05-12 15:54:57.351 +0100  nmrsu@CZC1087C56
$$ D:/data/2026/va/rc/exp_dataset/run_1/2483-14-9 (3472)/14/acqu2s
$$ process C:\Bruker\TopSpin4.1.3\prog\mod\acqdataserver.exe
##$ACQT0= 0
##$BF1= 60.802538456
##$FnILOOP= 1
##$FnMODE= 1
##$NUC1= <15N>
##$NusJSP= 0
##$NusT2= 1
##$NusTD= 64
##$O1= 7600.31730700206
##$ProjAngle= 0
##$SFO1= 60.810138773307
##$SW= 250.068741407324
##$SW_h= 15206.7148678456
##$TD= 32
##END=
