##TITLE= Parameter file, TopSpin 3.6.1
##JCAMPDX= 5.0
##DATATYPE= Parameter Values
##NPOINTS= 1	$$ modification sequence number
##ORIGIN= Bruker BioSpin GmbH
##OWNER= nmrsu
$$ 2026-05-15 10:12:08.999 +0200  nmrsu@CZC4323K67
$$ /home/data/2026/cb/mx23826/10177/10/acqu2
$$ process /opt/topspin3.6.1/prog/mod/edparproc
##$ACQT0= 0
##$BF1= 70.935450457
##$FnMODE= 1
##$NUC1= <15N>
##$NusJSP= 0
##$NusT2= 1
##$NusTD= 0
##$O1= 12413.702
##$ProjAngle= 0
##$SFO1= 70.947864159
##$SW= 350
##$SW_h= 24831.75245565
##$TD= 128
##END=
