##TITLE= Parameter file, TopSpin 3.6.1
##JCAMPDX= 5.0
##DATATYPE= Parameter Values
##NPOINTS= 1	$$ modification sequence number
##ORIGIN= Bruker BioSpin GmbH
##OWNER= nmrsu
$$ 2026-05-15 09:48:30.741 +0200  nmrsu@CZC4323K67
$$ /home/data/2026/cb/mx23826/10177/9/acqu2
$$ process /opt/topspin3.6.1/prog/mod/edparproc
##$ACQT0= 0
##$BF1= 70.935450457
##$FnMODE= 6
##$NUC1= <15N>
##$NusJSP= 0
##$NusT2= 1
##$NusTD= 0
##$O1= 10640.31756855
##$ProjAngle= 0
##$SFO1= 70.9460907745685
##$SW= 300.047992794138
##$SW_h= 21287.2321335
##$TD= 64
##END=
