##TITLE= Parameter file, TopSpin 3.6.1
##JCAMPDX= 5.0
##DATATYPE= Parameter Values
##NPOINTS= 44	$$ modification sequence number
##ORIGIN= Bruker BioSpin GmbH
##OWNER= nmrsu
$$ 2026-05-15 12:09:31.879 +0200  nmrsu@CZC4323K67
$$ /home/data/2026/cb/mx23826/10177/8/pdata/1/proc2s
$$ process /opt/topspin3.6.1/prog/mod/proc2d
##$ABSF1= 0
##$ABSF2= 0
##$ABSG= 0
##$ABSL= 0
##$ALPHA= 0
##$AQORDER= 0
##$ASSFAC= 0
##$ASSFACI= 0
##$ASSFACX= 0
##$ASSWID= 0
##$AUNMP= <>
##$AXLEFT= 0
##$AXNAME= <F1>
##$AXNUC= <15N>
##$AXRIGHT= 0
##$AXTYPE= 0
##$AXUNIT= <>
##$AZFE= 0.1
##$AZFW= 0.5
##$BCFW= 0
##$BC_mod= 0
##$BYTORDP= 0
##$COROFFS= 0
##$CY= 0
##$DATMOD= 0
##$DC= 0
##$DFILT= <>
##$DTYPP= 0
##$ERETIC= no
##$F1P= 0
##$F2P= 0
##$FCOR= 0.5
##$FTSIZE= 512
##$FT_mod= 6
##$GAMMA= 0
##$GB= 0
##$INTBC= 1
##$INTSCL= 1
##$ISEN= 128
##$LB= 0
##$LEV0= 0
##$LPBIN= 256
##$MAXI= 10000
##$MC2= 5
##$MEAN= 0
##$ME_mod= 2
##$MI= 0
##$MddCEXP= no
##$MddCT_SP= no
##$MddF180= no
##$MddLAMBDA= 0
##$MddMEMORY= 0
##$MddMERGE= 0
##$MddNCOMP= 0
##$MddNITER= 0
##$MddNOISE= 0
##$MddPHASE= 0
##$MddSEED= 0
##$MddSRSIZE= 0
##$Mdd_CsALG= 0
##$Mdd_CsLAMBDA= 0
##$Mdd_CsNITER= 0
##$Mdd_CsNORM= 0
##$Mdd_CsVE= yes
##$Mdd_CsZF= 0
##$Mdd_LrLAMBDA= 0
##$Mdd_LrNITER= 0
##$Mdd_LrRANK= 0
##$Mdd_LrZF= 0
##$Mdd_mod= 0
##$NCOEF= 32
##$NC_proc= -13
##$NLEV= 0
##$NOISF1= 0
##$NOISF2= 0
##$NSP= 0
##$NTH_PI= 0
##$NZP= 0
##$OFFSET= 299.9715
##$PC= 4
##$PHC0= 20.8
##$PHC1= 0
##$PH_mod= 1
##$PKNL= no
##$PPARMOD= 1
##$PPDIAG= 0
##$PPIPTYP= 0
##$PPMPNUM= 2147483647
##$PPRESOL= 1
##$PSCAL= 1
##$PSIGN= 0
##$PYNMP= <>
##$RDF1= 0
##$RDF2= 0
##$RDFWHM= 0
##$RDINT= 0
##$RDPOS= 0
##$REVERSE= no
##$SF= 70.935450456
##$SI= 512
##$SIGF1= 0
##$SIGF2= 0
##$SINO= 0
##$SIOLD= 1024
##$SPECTYP= <>
##$SREF_mod= 1
##$SREGLST= <>
##$SSB= 2
##$STSI= 512
##$STSR= 0
##$SW_p= 21276.5957446809
##$SYMM= 0
##$S_DEV= 1.109024e+07
##$TDeff= 256
##$TDoff= 0
##$TI= <>
##$TILT= no
##$TM1= 0
##$TM2= 0
##$TOPLEV= 0
##$USERP1= <>
##$USERP2= <>
##$USERP3= <>
##$USERP4= <>
##$USERP5= <>
##$WDW= 4
##$XDIM= 64
##$YMAX_p= 266427164
##$YMIN_p= -400270495
##END=
