##TITLE= Parameter file, TopSpin 4.1.3
##JCAMPDX= 5.0
##DATATYPE= Parameter Values
##NPOINTS= 5	$$ modification sequence number
##ORIGIN= Bruker BioSpin GmbH
##OWNER= nmrsu
$$ 2026-05-05 15:20:54.794 +0100  nmrsu@CZC1087C56
$$ C:/Bruker/TopSpin4.1.3/prog/curdir/changer/inmrchanger/Jan08-2026-1326-600user/3/3.282/data/nmr/Vinpocetine/11/acqu2
$$ process C:\Bruker\TopSpin4.1.3\prog\mod\dataserver.exe
##$ACQT0= 0
##$BF1= 60.802538456
##$DE= 20.55712
##$DECIM= 1
##$DR= 32
##$FW= 2.4e+08
##$FnILOOP= 0
##$FnMODE= 1
##$NUC1= <15N>
##$NusJSP= 0
##$NusT2= 1
##$NusTD= 0
##$O1= 7600.31730700206
##$ProjAngle= 0
##$SFO1= 60.810138773307
##$SW= 249.983752030996
##$SW_h= 15201.5466520768
##$TD= 64
##END=
