##TITLE= Parameter file, TopSpin 3.6.1
##JCAMPDX= 5.0
##DATATYPE= Parameter Values
##NPOINTS= 46485	$$ modification sequence number
##ORIGIN= Bruker BioSpin GmbH
##OWNER= nmrsu
$$ 2026-03-02 17:14:31.776 +0100  nmrsu@CZC4323K67
$$ /opt/topspin3.6.1/conf/instr/spect/specpar
$$ process /opt/topspin3.6.1/prog/mod/hconfserver
##$ANCIEN= (0..7)
0 0 0 0 0 0 0 0
##$BF1= 100.13
##$BF2= 100.13
##$BF3= 100.13
##$DEC= 1
##$DECB= 1
##$DEF19F= yes
##$DEFRSEL= yes
##$HPMOD= (0..7)
0 0 0 0 0 0 0 0
##$HPPRECH= (0..15)
-1 -1 -1 -1 -1 -1 -1 -1 -1 -1 -1 -1 -1 -1 -1 -1
##$HPSELECT= no
##$LOCSW19F= -1
##$LOCSW2H= -1
##$NUC1= 1
##$NUC2= 10
##$NUC3= 0
##$NUC4= 0
##$NUC5= 0
##$NUC6= 0
##$NUC7= 0
##$NUC8= 0
##$NUCARR= (0..123)
700.05 700.05 107.461937324 746.701149986 533.294148718 103.019960044 272.066010898
98.369716907 75.210977828 224.603859986 176.02771251 50.570806944 70.935450457
94.901977228 658.705124005 55.264019148 185.17652595 42.854505817 182.41104143
139.080242593 283.385434372 53.735838 68.590261955 57.094152862 32.666944187
17.930415652 47.113568015 170.054374874 39.465556766 39.476078518 69.797148155
184.133787475 39.570298248 173.536920608 22.666064888 166.101381536 62.556825024
185.621568737 198.840052847 43.800749402 168.021478675 213.492176352 24.419949157
119.866859306 133.510126757 36.526662862 175.39038699 189.059129258 26.9351238
67.589428472 229.059538225 30.338920912 34.303836098 65.078734148 171.345428085
45.621740464 46.579191848 157.569536164 32.238359574 36.132163685 22.306722224
32.03498805 28.336756909 32.577057766 148.51896774 155.363321589 153.071217878
153.399359315 229.047602376 249.44362913 261.053069316 167.526004289 90.720998607
183.201278872 220.864157885 140.062405744 194.685207094 57.71156896 91.819552072
69.546166228 77.796052464 92.36669715 98.88654982 214.35531 38.152725 23.52168
29.192085 24.08172 174.03243 76.86549 21.491535 28.212015 168.29202 24.08172
33.74241 149.39067 20.16144 58.034145 122.503891654 33.7494105 79.833702
56.9210655 28.0510035 17.6202585 83.9331948 29.166792193 157.6834623 159.2725758
15.977458165 54.3616827 12.026859 13.0979355 150.488236391 12.1038645 125.384709412
46.284386793 399.8909616 403.815707919 146.4546533 112.493050643 12.8907207
100 100 100
##$NUCOFFS= (0..127)
<1H> <13C> <15N> <2H> <3He> <> <> <> <> <> <> <> <> <> <> <> <> <> <> <>
<> <> <> <> <> <> <> <> <> <> <> <> <> <> <> <> <> <> <> <> <> <> <> <>
<> <> <> <> <> <> <> <> <> <> <> <> <> <> <> <> <> <> <> <> <> <> <> <>
<> <> <> <> <> <> <> <> <> <> <> <> <> <> <> <> <> <> <> <> <> <> <> <>
<> <> <> <> <> <> <> <> <> <> <> <> <> <> <> <> <> <> <> <> <> <> <> <>
<> <> <> <> <> <> <> <> <> <> <> <>
##$OBS= 1
##$OFFS= (0..127)
0 0 0 0 0 0 0 0 0 0 0 0 0 0 0 0 0 0 0 0 0 0 0 0 0 0 0 0 0 0 0 0 0 0 0 0
0 0 0 0 0 0 0 0 0 0 0 0 0 0 0 0 0 0 0 0 0 0 0 0 0 0 0 0 0 0 0 0 0 0 0 0
0 0 0 0 0 0 0 0 0 0 0 0 0 0 0 0 0 0 0 0 0 0 0 0 0 0 0 0 0 0 0 0 0 0 0 0
0 0 0 0 0 0 0 0 0 0 0 0 0 0 0 0 0 0 0 0
##$OFFSF= (0..7)
0 0 0 0 0 0 0 0
##$OFFSH= (0..7)
1435.49999995685 0 0 0 0 0 0 0
##$OFFSX= (0..7)
0 0 0 0 0 0 0 0
##$OFFSXAS= (0..7)
0 0 0 0 0 0 0 0
##$OFSF1= 0
##$OFSF2= 0
##$OFSH1= 0
##$OFSH2= 0
##$OFSH3= 0
##$OFSX1= 0
##$OFSX2= 0
##$OFSY= 0
##$PACOIL= (0..15)
0 0 0 0 0 0 0 0 0 0 0 0 0 0 0 0
##$PRECHAN= (0..15)
-1 4 0 1 5 -1 -1 -1 -1 -1 -1 -1 -1 -1 -1 -1
##$RECPRE= (0..15)
-1 0 -1 -1 -1 -1 -1 -1 -1 -1 -1 -1 -1 -1 -1 -1
##$RECPRFX= (0..15)
1 0 0 0 0 0 0 0 0 0 0 0 0 0 0 0
##$RECSEL= (0..15)
0 0 0 0 1 0 0 0 0 0 0 0 0 0 0 0
##$SELREC= (0..9)
0 0 0 0 0 0 0 0 0 0
##$SFO1= 700.05329
##$SFO2= 176.040915
##$SFO3= 700.05329
##$SFO4= 700.05329
##$SFO5= 700.05329
##$SFO6= 700.05329
##$SFO7= 700.05329
##$SFO8= 700.05329
##$TY= (0..123)
0 0 0 0 0 0 0 0 0 0 0 0 0 0 0 0 0 0 0 0 0 0 0 0 0 0 0 0 0 0 0 0 0 0 0 0
0 0 0 0 0 0 0 0 0 0 0 0 0 0 0 0 0 0 0 0 0 0 0 0 0 0 0 0 0 0 0 0 0 0 0 0
0 0 0 0 0 0 0 0 0 0 0 0 0 0 0 0 0 0 0 0 0 0 0 0 0 0 0 0 0 0 0 0 0 0 0 0
0 0 0 0 0 0 0 0 0 0 0 0 0 0 0 0
##END=
