##TITLE= Parameter file, TopSpin 4.1.3
##JCAMPDX= 5.0
##DATATYPE= Parameter Values
##NPOINTS= 35	$$ modification sequence number
##ORIGIN= Bruker BioSpin GmbH
##OWNER= nmrsu
$$ 2026-05-12 17:34:22.479 +0100  nmrsu@CZC1087C56
$$ D:/data/2026/va/rc/exp_dataset/run_1/16727-47-2 (1891)/12/acqu2s
$$ process C:\Bruker\TopSpin4.1.3\prog\mod\acqdataserver.exe
##$ACQT0= 0
##$BF1= 60.802538456
##$FnILOOP= 1
##$FnMODE= 1
##$NUC1= <15N>
##$NusJSP= 0
##$NusT2= 1
##$NusTD= 64
##$O1= 10640.4442298
##$ProjAngle= 0
##$SFO1= 60.8131789002298
##$SW= 250.056240157972
##$SW_h= 15206.7148678456
##$TD= 32
##END=
