##TITLE= Parameter file, TopSpin 3.6.1
##JCAMPDX= 5.0
##DATATYPE= Parameter Values
##NPOINTS= 1	$$ modification sequence number
##ORIGIN= Bruker BioSpin GmbH
##OWNER= nmrsu
$$ 2026-05-14 10:09:53.848 +0200  nmrsu@CZC4323K67
$$ /home/data/2026/cb/mx23826/10177/2/acqu2
$$ process /opt/topspin3.6.1/prog/mod/edparproc
##$ACQT0= 0
##$BF1= 176.02771251
##$FnMODE= 6
##$NUC1= <13C>
##$NusJSP= 0
##$NusT2= 1
##$NusTD= 0
##$O1= 15842.494
##$ProjAngle= 0
##$SFO1= 176.043555004
##$SW= 180
##$SW_h= 31687.83990072
##$TD= 256
##END=
