##TITLE= Parameter file, TopSpin 4.1.3
##JCAMPDX= 5.0
##DATATYPE= Parameter Values
##NPOINTS= 1	$$ modification sequence number
##ORIGIN= Bruker BioSpin GmbH
##OWNER= nmrsu
$$ 2026-02-16 21:10:18.448 -0000  nmrsu@CZC1087C56
$$ D:/data/2026/cb/ga/2-ethoxy-5-methylpyridin-4-amine/12/acqu2
$$ process C:\Bruker\TopSpin4.1.3\prog\mod\xwish3.exe
##$ACQT0= 0
##$BF1= 60.802538456
##$FnILOOP= 0
##$FnMODE= 1
##$NUC1= <15N>
##$NusJSP= 0
##$NusT2= 1
##$NusTD= 0
##$O1= 9120.38
##$ProjAngle= 0
##$SFO1= 60.811658836
##$SW= 250
##$SW_h= 15206.7148678456
##$TD= 64
##END=
