##TITLE= Parameter file, TopSpin 4.1.3
##JCAMPDX= 5.0
##DATATYPE= Parameter Values
##NPOINTS= 4	$$ modification sequence number
##ORIGIN= Bruker BioSpin GmbH
##OWNER= nmrsu
$$ 2026-05-18 12:51:01.423 +0100  nmrsu@CZC1087C56
$$ C:/Bruker/TopSpin4.1.3/prog/curdir/changer/inmrchanger/Jan08-2026-1326-600user/22/22.548/data/nmr/L_tetrahydropalmitine/15/acqu2
$$ process C:\Bruker\TopSpin4.1.3\prog\mod\dataserver.exe
##$ACQT0= 0
##$BF1= 60.802538456
##$FnILOOP= 0
##$FnMODE= 1
##$NUC1= <15N>
##$NusJSP= 0
##$NusT2= 1
##$NusTD= 0
##$O1= 15200.634614
##$ProjAngle= 0
##$SFO1= 60.817739090614
##$SW= 250.037490627343
##$SW_h= 15206.7148678456
##$TD= 64
##END=
